GEM
  remote: http://rubygems.org/
  specs:
    addressable (2.2.8)
    async-rack (0.5.1)
      rack (~> 1.1)
    coderay (1.0.6)
    daemons (1.1.8)
    em-http-request (0.3.0)
      addressable (>= 2.0.0)
      escape_utils
      eventmachine (>= 0.12.9)
    em-resolv-replace (1.1.2)
    em-synchrony (0.2.0)
      eventmachine (>= 0.12.9)
    escape_utils (0.2.4)
    eventmachine (0.12.10)
    faraday (0.8.0)
      multipart-post (~> 1.1)
    faraday_middleware (0.8.7)
      faraday (>= 0.7.4, < 0.9)
    hashie (1.2.0)
    method_source (0.7.1)
    multipart-post (1.1.5)
    pry (0.9.9.4)
      coderay (~> 1.0.5)
      method_source (~> 0.7.1)
      slop (>= 2.4.4, < 3)
    rack (1.4.1)
    rack-fiber_pool (0.9.1)
    rack-protection (1.2.0)
      rack
    sinatra (1.3.2)
      rack (~> 1.3, >= 1.3.6)
      rack-protection (~> 1.2)
      tilt (~> 1.3, >= 1.3.3)
    sinatra-synchrony (0.1.1)
      async-rack
      em-http-request (= 0.3.0)
      em-resolv-replace
      em-synchrony (= 0.2.0)
      rack-fiber_pool (= 0.9.1)
      sinatra (>= 1.0)
    slop (2.4.4)
    thin (1.3.1)
      daemons (>= 1.0.9)
      eventmachine (>= 0.12.6)
      rack (>= 1.0.0)
    tilt (1.3.3)

PLATFORMS
  ruby

DEPENDENCIES
  faraday
  faraday_middleware
  hashie
  pry
  sinatra
  sinatra-synchrony
  thin
